GEM
  remote: https://rubygems.org/
  specs:
    alfred-workflow (1.10.0)
      plist (>= 3.1.0)
    builder (3.2.2)
    gyoku (1.1.0)
      builder (>= 2.1.2)
    nori (2.3.0)
    plist (3.1.0)

PLATFORMS
  ruby

DEPENDENCIES
  alfred-workflow
  gyoku
  nori
  plist
